GEM
  remote: http://rubygems.org/
  specs:
    excon (0.7.6)
    minitest (2.8.1)
    mustache (0.99.4)
    posix-spawn (0.3.6)
    rack (1.3.5)
    rack-protection (1.1.4)
      rack
    rake (0.9.2.2)
    rake-compiler (0.7.9)
      rake
    redcarpet (3.5.1)
    rocco (0.8.2)
      mustache
      redcarpet
    sinatra (1.3.1)
      rack (~> 1.3, >= 1.3.4)
      rack-protection (~> 1.1, >= 1.1.2)
      tilt (~> 1.3, >= 1.3.3)
    tilt (1.3.3)

PLATFORMS
  ruby

DEPENDENCIES
  excon
  minitest
  posix-spawn
  rack (~> 1.3.5)
  rake-compiler
  rocco
  sinatra
